PATH
  remote: .
  specs:
    imagesite (1.0.11)
      erubis (~> 2.7)
      exifr (~> 1.3)
      image_science (~> 1.3)
      xmp (~> 2.0)

GEM
  remote: https://rubygems.org/
  specs:
    RubyInline (3.14.1)
      ZenTest (~> 4.3)
    ZenTest (4.12.2)
    addressable (2.8.7)
      public_suffix (>= 2.0.2, < 7.0)
    ast (2.4.2)
    capybara (3.36.0)
      addressable
      matrix
      mini_mime (>= 0.1.3)
      nokogiri (~> 1.8)
      rack (>= 1.6.0)
      rack-test (>= 0.6.3)
      regexp_parser (>= 1.5, < 3.0)
      xpath (~> 3.2)
    diff-lcs (1.5.1)
    docile (1.4.1)
    erubis (2.7.0)
    exifr (1.4.0)
    image_science (1.3.2)
      RubyInline (~> 3.9)
    matrix (0.4.2)
    mini_mime (1.1.5)
    mini_portile2 (2.8.7)
    nokogiri (1.13.10)
      mini_portile2 (~> 2.8.0)
      racc (~> 1.4)
    parallel (1.24.0)
    parser (2.7.2.0)
      ast (~> 2.4.1)
    powerpack (0.1.3)
    public_suffix (5.1.1)
    racc (1.8.1)
    rack (3.1.7)
    rack-test (2.1.0)
      rack (>= 1.3)
    rainbow (2.2.2)
      rake
    rake (13.2.1)
    regexp_parser (2.9.2)
    rspec (3.13.0)
      rspec-core (~> 3.13.0)
      rspec-expectations (~> 3.13.0)
      rspec-mocks (~> 3.13.0)
    rspec-core (3.13.1)
      rspec-support (~> 3.13.0)
    rspec-expectations (3.13.3)
      diff-lcs (>= 1.2.0, < 2.0)
      rspec-support (~> 3.13.0)
    rspec-mocks (3.13.2)
      diff-lcs (>= 1.2.0, < 2.0)
      rspec-support (~> 3.13.0)
    rspec-support (3.13.1)
    rubocop (0.50.0)
      parallel (~> 1.10)
      parser (>= 2.3.3.1, < 3.0)
      powerpack (~> 0.1)
      rainbow (>= 2.2.2, < 3.0)
      ruby-progressbar (~> 1.7)
      unicode-display_width (~> 1.0, >= 1.0.1)
    ruby-progressbar (1.13.0)
    simplecov (0.22.0)
      docile (~> 1.1)
      simplecov-html (~> 0.11)
      simplecov_json_formatter (~> 0.1)
    simplecov-html (0.13.1)
    simplecov_json_formatter (0.1.4)
    unicode-display_width (1.8.0)
    xmp (2.0.0)
      nokogiri (~> 1.0)
    xpath (3.2.0)
      nokogiri (~> 1.8)

PLATFORMS
  ruby

DEPENDENCIES
  bundler
  capybara
  imagesite!
  rake
  rspec
  rubocop (= 0.50.0)
  simplecov

BUNDLED WITH
   2.4.22
