PATH
  remote: .
  specs:
    imagesite (1.0.5)
      erubis (>= 2.7.0)
      exifr (>= 1.3.3)
      image_science (>= 1.3.0)
      xmp (>= 0.2.0)

GEM
  remote: https://rubygems.org/
  specs:
    RubyInline (3.12.4)
      ZenTest (~> 4.3)
    ZenTest (4.11.1)
    addressable (2.5.2)
      public_suffix (>= 2.0.2, < 4.0)
    capybara (2.17.0)
      addressable
      mini_mime (>= 0.1.3)
      nokogiri (>= 1.3.3)
      rack (>= 1.0.0)
      rack-test (>= 0.5.4)
      xpath (>= 2.0, < 4.0)
    diff-lcs (1.3)
    docile (1.1.5)
    erubis (2.7.0)
    exifr (1.3.3)
    image_science (1.3.0)
      RubyInline (~> 3.9)
    json (2.1.0)
    mini_mime (1.0.0)
    nokogiri (1.5.11)
    public_suffix (2.0.5)
    rack (1.6.8)
    rack-test (0.7.0)
      rack (>= 1.0, < 3)
    rake (12.3.0)
    rspec (3.7.0)
      rspec-core (~> 3.7.0)
      rspec-expectations (~> 3.7.0)
      rspec-mocks (~> 3.7.0)
    rspec-core (3.7.1)
      rspec-support (~> 3.7.0)
    rspec-expectations (3.7.0)
      diff-lcs (>= 1.2.0, < 2.0)
      rspec-support (~> 3.7.0)
    rspec-mocks (3.7.0)
      diff-lcs (>= 1.2.0, < 2.0)
      rspec-support (~> 3.7.0)
    rspec-support (3.7.0)
    simplecov (0.15.1)
      docile (~> 1.1.0)
      json (>= 1.8, < 3)
      simplecov-html (~> 0.10.0)
    simplecov-html (0.10.2)
    xmp (0.2.0)
      nokogiri (~> 1.5.0)
    xpath (2.1.0)
      nokogiri (~> 1.3)

PLATFORMS
  ruby

DEPENDENCIES
  bundler (>= 1.12.5)
  capybara (>= 2.16.1)
  imagesite!
  public_suffix (~> 2.0)
  rack (~> 1.6)
  rack-test (~> 0.7.0)
  rake (>= 12.3.0)
  rspec (>= 3.7.0)
  simplecov (>= 0.15.1)

BUNDLED WITH
   1.16.1
