PATH
  remote: .
  specs:
    imagesite (1.0.0.pre)
      erubis (>= 2.7.0)
      exifr (>= 1.2.4)
      image_science (>= 1.3.0)
      xmp (>= 0.2.0)

GEM
  remote: https://rubygems.org/
  specs:
    RubyInline (3.12.4)
      ZenTest (~> 4.3)
    ZenTest (4.11.1)
    addressable (2.4.0)
    capybara (2.7.1)
      addressable
      mime-types (>= 1.16)
      nokogiri (>= 1.3.3)
      rack (>= 1.0.0)
      rack-test (>= 0.5.4)
      xpath (~> 2.0)
    diff-lcs (1.2.5)
    docile (1.1.5)
    erubis (2.7.0)
    exifr (1.2.4)
    image_science (1.3.0)
      RubyInline (~> 3.9)
    json (1.8.3)
    mime-types (3.1)
      mime-types-data (~> 3.2015)
    mime-types-data (3.2016.0521)
    nokogiri (1.5.11)
    rack (1.5.5)
    rack-test (0.6.3)
      rack (>= 1.0)
    rake (0.9.6)
    rspec (3.5.0)
      rspec-core (~> 3.5.0)
      rspec-expectations (~> 3.5.0)
      rspec-mocks (~> 3.5.0)
    rspec-core (3.5.2)
      rspec-support (~> 3.5.0)
    rspec-expectations (3.5.0)
      diff-lcs (>= 1.2.0, < 2.0)
      rspec-support (~> 3.5.0)
    rspec-mocks (3.5.0)
      diff-lcs (>= 1.2.0, < 2.0)
      rspec-support (~> 3.5.0)
    rspec-support (3.5.0)
    simplecov (0.11.2)
      docile (~> 1.1.0)
      json (~> 1.8)
      simplecov-html (~> 0.10.0)
    simplecov-html (0.10.0)
    xmp (0.2.0)
      nokogiri (~> 1.5.0)
    xpath (2.0.0)
      nokogiri (~> 1.3)

PLATFORMS
  ruby

DEPENDENCIES
  bundler (>= 1.12.5)
  capybara (>= 2.7.1)
  imagesite!
  rake (>= 0.9.6)
  rspec (>= 3.5.0)
  simplecov (>= 0.11.2)

BUNDLED WITH
   1.12.5
