GEM
  remote: https://rubygems.org/
  specs:
    RubyInline (3.12.4)
      ZenTest (~> 4.3)
    ZenTest (4.11.1)
    erubis (2.7.0)
    exifr (1.2.4)
    image_science (1.3.0)
      RubyInline (~> 3.9)
    nokogiri (1.5.11)
    xmp (0.2.0)
      nokogiri (~> 1.5.0)

PLATFORMS
  ruby

DEPENDENCIES
  erubis
  exifr
  image_science
  xmp

BUNDLED WITH
   1.12.3
